PATH
  remote: .
  specs:
    prepaidfactory_api (0.1.0)
      savon (~> 2.10.1)

GEM
  remote: https://rubygems.org/
  specs:
    abstract_type (0.0.7)
    adamantium (0.2.0)
      ice_nine (~> 0.11.0)
      memoizable (~> 0.4.0)
    akami (1.3.1)
      gyoku (>= 0.4.0)
      nokogiri
    anima (0.3.0)
      abstract_type (~> 0.0.7)
      adamantium (~> 0.2)
      equalizer (~> 0.0.11)
    ast (2.3.0)
    builder (3.2.2)
    coderay (1.1.1)
    concord (0.1.5)
      adamantium (~> 0.2.0)
      equalizer (~> 0.0.9)
    diff-lcs (1.2.5)
    docile (1.1.5)
    equalizer (0.0.11)
    gyoku (1.3.1)
      builder (>= 2.1.2)
    httpi (2.4.2)
      rack
      socksify
    ice_nine (0.11.2)
    json (2.0.1)
    macaddr (1.7.1)
      systemu (~> 2.6.2)
    memoizable (0.4.2)
      thread_safe (~> 0.3, >= 0.3.1)
    method_source (0.8.2)
    mini_portile2 (2.1.0)
    morpher (0.2.6)
      abstract_type (~> 0.0.7)
      adamantium (~> 0.2.0)
      anima (~> 0.3.0)
      ast (~> 2.2)
      concord (~> 0.1.5)
      equalizer (~> 0.0.9)
      ice_nine (~> 0.11.0)
      procto (~> 0.0.2)
    mutant (0.8.10)
      abstract_type (~> 0.0.7)
      adamantium (~> 0.2.0)
      anima (~> 0.3.0)
      ast (~> 2.2)
      concord (~> 0.1.5)
      diff-lcs (~> 1.2)
      equalizer (~> 0.0.9)
      ice_nine (~> 0.11.1)
      memoizable (~> 0.4.2)
      morpher (~> 0.2.6)
      parallel (~> 1.3)
      parser (~> 2.3.0)
      procto (~> 0.0.2)
      unparser (~> 0.2.5)
    mutant-rspec (0.8.8)
      mutant (~> 0.8.8)
      rspec-core (>= 3.2.0, < 3.5.0)
    nokogiri (1.6.8)
      mini_portile2 (~> 2.1.0)
      pkg-config (~> 1.1.7)
    nori (2.6.0)
    parallel (1.9.0)
    parser (2.3.1.2)
      ast (~> 2.2)
    pkg-config (1.1.7)
    powerpack (0.1.1)
    procto (0.0.3)
    pry (0.10.3)
      coderay (~> 1.1.0)
      method_source (~> 0.8.1)
      slop (~> 3.4)
    pry-nav (0.2.4)
      pry (>= 0.9.10, < 0.11.0)
    rack (2.0.1)
    rainbow (2.1.0)
    rake (10.5.0)
    rspec (3.4.0)
      rspec-core (~> 3.4.0)
      rspec-expectations (~> 3.4.0)
      rspec-mocks (~> 3.4.0)
    rspec-core (3.4.4)
      rspec-support (~> 3.4.0)
    rspec-expectations (3.4.0)
      diff-lcs (>= 1.2.0, < 2.0)
      rspec-support (~> 3.4.0)
    rspec-mocks (3.4.1)
      diff-lcs (>= 1.2.0, < 2.0)
      rspec-support (~> 3.4.0)
    rspec-support (3.4.1)
    rubocop (0.41.2)
      parser (>= 2.3.1.1, < 3.0)
      powerpack (~> 0.1)
      rainbow (>= 1.99.1, < 3.0)
      ruby-progressbar (~> 1.7)
      unicode-display_width (~> 1.0, >= 1.0.1)
    rubocop-checkstyle_formatter (0.2.0)
      rubocop (>= 0.20.1)
    ruby-progressbar (1.8.1)
    savon (2.10.1)
      akami (~> 1.2)
      builder (>= 2.1.2)
      gyoku (~> 1.2)
      httpi (~> 2.3)
      nokogiri (>= 1.4.0)
      nori (~> 2.4)
      uuid (~> 2.3.7)
      wasabi (~> 3.4)
    simplecov (0.12.0)
      docile (~> 1.1.0)
      json (>= 1.8, < 3)
      simplecov-html (~> 0.10.0)
    simplecov-html (0.10.0)
    slop (3.6.0)
    socksify (1.7.0)
    systemu (2.6.5)
    thread_safe (0.3.5)
    unicode-display_width (1.0.5)
    unparser (0.2.5)
      abstract_type (~> 0.0.7)
      adamantium (~> 0.2.0)
      concord (~> 0.1.5)
      diff-lcs (~> 1.2.5)
      equalizer (~> 0.0.9)
      parser (~> 2.3.0)
      procto (~> 0.0.2)
    uuid (2.3.8)
      macaddr (~> 1.0)
    wasabi (3.5.0)
      httpi (~> 2.0)
      nokogiri (>= 1.4.2)

PLATFORMS
  ruby

DEPENDENCIES
  bundler (~> 1.12)
  mutant-rspec
  prepaidfactory_api!
  pry
  pry-nav
  rake (~> 10.0)
  rspec (~> 3.0)
  rubocop
  rubocop-checkstyle_formatter
  simplecov

BUNDLED WITH
   1.12.5
